PATH
  remote: .
  specs:
    hanna-bootstrap (0.0.2)
      bundler
      coderay
      coffee-script
      haml
      json
      rake
      sass

GEM
  remote: http://rubygems.org/
  specs:
    coderay (1.0.8)
    coffee-script (2.2.0)
      coffee-script-source
      execjs
    coffee-script-source (1.4.0)
    execjs (1.4.0)
      multi_json (~> 1.0)
    haml (3.1.7)
    json (1.7.6)
    multi_json (1.5.0)
    rake (10.0.3)
    sass (3.2.5)

PLATFORMS
  ruby

DEPENDENCIES
  hanna-bootstrap!
