PATH
  remote: .
  specs:
    hanna-bootstrap (0.0.1)

GEM
  remote: http://rubygems.org/
  specs:
    haml (3.1.7)
    rake (10.0.3)
    sass (3.2.5)

PLATFORMS
  ruby

DEPENDENCIES
  bundler
  haml
  hanna-bootstrap!
  rake
  sass
